GEM
  remote: http://rubygems.org/
  specs:
    net-ssh (2.6.2)

PLATFORMS
  ruby
  x86-mingw32

DEPENDENCIES
  net-ssh
