GEM
  remote: http://rubygems.org/
  specs:
    bcrypt-ruby (3.0.1)
    bcrypt-ruby (3.0.1-x86-mingw32)
    net-ssh (2.6.2)
    pg (0.14.1)
    pg (0.14.1-x86-mingw32)

PLATFORMS
  ruby
  x86-mingw32

DEPENDENCIES
  bcrypt-ruby
  net-ssh
  pg
