GEM
  remote: http://rubygems.org/
  specs:
    net-ssh (2.6.2)

PLATFORMS
  ruby

DEPENDENCIES
  net-ssh
