GEM
  remote: http://rubygems.org/
  specs:
    bcrypt-ruby (3.0.1)
    bcrypt-ruby (3.0.1-x86-mingw32)
    daemons (1.1.9)
    eventmachine (0.12.10)
    json_pure (1.7.6)
    nats (0.4.28)
      daemons (>= 1.1.5)
      eventmachine (= 0.12.10)
      json_pure (>= 1.7.3)
      thin (>= 1.4.1)
    net-sftp (2.0.5)
      net-ssh (>= 2.0.9)
    net-ssh (2.6.2)
    pg (0.14.1)
    pg (0.14.1-x86-mingw32)
    rack (1.4.4)
    rake (10.0.3)
    thin (1.5.0)
      daemons (>= 1.0.9)
      eventmachine (>= 0.12.6)
      rack (>= 1.0.0)
    uuidtools (2.1.3)
    vcap_logging (0.1.4)
      rake
    yajl-ruby (1.1.0)
    yajl-ruby (1.1.0-x86-mingw32)

PLATFORMS
  ruby
  x86-mingw32

DEPENDENCIES
  bcrypt-ruby
  eventmachine
  nats
  net-sftp
  net-ssh
  pg
  uuidtools
  vcap_logging
  yajl-ruby