GIT
  remote: https://github.com/cloudfoundry/vcap-common.git
  revision: 45cd194dce44d590512d50d344f66cbe84b46732
  specs:
    vcap_common (2.0.10)
      em-http-request (~> 1.0.0.beta3, < 1.0.0.beta4)
      eventmachine
      httpclient
      membrane (~> 0.0.2)
      mime-types
      multipart-post
      nats (~> 0.4.24)
      posix-spawn (~> 0.3.6)
      thin
      yajl-ruby

GEM
  remote: http://rubygems.org/
  specs:
    addressable (2.3.2)
    builder (3.1.4)
    ci_reporter (1.8.3)
      builder (>= 2.1.2)
    daemons (1.1.9)
    diff-lcs (1.1.3)
    em-http-request (1.0.0.beta.3)
      addressable (>= 2.2.3)
      em-socksify
      eventmachine
      http_parser.rb (>= 0.5.1)
    em-socksify (0.2.1)
      eventmachine (>= 1.0.0.beta.4)
    eventmachine (1.0.0)
    http_parser.rb (0.5.3)
    httpclient (2.3.0.1)
    json_pure (1.7.5)
    macaddr (1.6.1)
      systemu (~> 2.5.0)
    membrane (0.0.2)
    mime-types (1.19)
    multi_json (1.5.0)
    multipart-post (1.1.5)
    nats (0.4.28)
      daemons (>= 1.1.5)
      eventmachine (>= 0.12.10)
      json_pure (>= 1.7.3)
      thin (>= 1.4.1)
    posix-spawn (0.3.6)
    rack (1.4.1)
    rack-protection (1.3.1)
      rack
    rake (10.0.2)
    rspec (2.12.0)
      rspec-core (~> 2.12.0)
      rspec-expectations (~> 2.12.0)
      rspec-mocks (~> 2.12.0)
    rspec-core (2.12.1)
    rspec-expectations (2.12.0)
      diff-lcs (~> 1.1.3)
    rspec-mocks (2.12.0)
    simplecov (0.7.1)
      multi_json (~> 1.0)
      simplecov-html (~> 0.7.1)
    simplecov-clover (0.0.1)
      simplecov (>= 0.4.1)
    simplecov-html (0.7.1)
    simplecov-rcov (0.2.3)
      simplecov (>= 0.4.1)
    sinatra (1.3.3)
      rack (~> 1.3, >= 1.3.6)
      rack-protection (~> 1.2)
      tilt (~> 1.3, >= 1.3.3)
    systemu (2.5.2)
    thin (1.5.0)
      daemons (>= 1.0.9)
      eventmachine (>= 0.12.6)
      rack (>= 1.0.0)
    tilt (1.3.3)
    uuid (2.3.6)
      macaddr (~> 1.0)
    vcap_logging (0.1.4)
      rake
    yajl-ruby (1.1.0)

PLATFORMS
  ruby

DEPENDENCIES
  ci_reporter
  em-http-request
  eventmachine
  nats
  rake
  rspec
  simplecov
  simplecov-clover
  simplecov-rcov
  sinatra
  thin
  uuid
  vcap_common!
  vcap_logging
  yajl-ruby
